PATH
  remote: .
  specs:
    opendelivery (0.0.6)
      aws-sdk (= 1.15.0)
      json

GEM
  remote: https://rubygems.org/
  specs:
    aws-sdk (1.15.0)
      json (~> 1.4)
      nokogiri (< 1.6.0)
      uuidtools (~> 2.1)
    json (1.8.0)
    nokogiri (1.5.10)
    uuidtools (2.1.4)

PLATFORMS
  ruby

DEPENDENCIES
  aws-sdk (= 1.15.0)
  opendelivery!
