PATH
  remote: .
  specs:
    opendelivery (0.3.0)
      aws-sdk (= 1.35.0)
      encrypto_signo (= 1.0.0)
      json

GEM
  remote: https://rubygems.org/
  specs:
    aws-sdk (1.35.0)
      json (~> 1.4)
      nokogiri (>= 1.4.4)
      uuidtools (~> 2.1)
    builder (3.2.2)
    cucumber (1.3.6)
      builder (>= 2.1.2)
      diff-lcs (>= 1.1.3)
      gherkin (~> 2.12.0)
      multi_json (~> 1.7.5)
      multi_test (>= 0.0.2)
    diff-lcs (1.2.5)
    encrypto_signo (1.0.0)
    gherkin (2.12.2)
      multi_json (~> 1.3)
    json (1.8.1)
    mini_portile (0.5.2)
    multi_json (1.7.9)
    multi_test (0.0.3)
    nokogiri (1.6.1)
      mini_portile (~> 0.5.0)
    rdoc (4.1.1)
      json (~> 1.4)
    rspec (2.14.1)
      rspec-core (~> 2.14.0)
      rspec-expectations (~> 2.14.0)
      rspec-mocks (~> 2.14.0)
    rspec-core (2.14.8)
    rspec-expectations (2.14.5)
      diff-lcs (>= 1.1.3, < 2.0)
    rspec-mocks (2.14.6)
    simplecov (0.7.1)
      multi_json (~> 1.0)
      simplecov-html (~> 0.7.1)
    simplecov-html (0.7.1)
    uuidtools (2.1.4)

PLATFORMS
  ruby

DEPENDENCIES
  aws-sdk (= 1.35.0)
  cucumber (= 1.3.6)
  encrypto_signo (= 1.0.0)
  opendelivery!
  rdoc
  rspec (= 2.14.1)
  simplecov (= 0.7.1)
